PATH
  remote: .
  specs:
    vanity (1.9.1)

GEM
  remote: https://rubygems.org/
  specs:
    RedCloth (4.2.9)
    activesupport (4.1.1)
      i18n (~> 0.6, >= 0.6.9)
      json (~> 1.7, >= 1.7.7)
      minitest (~> 5.1)
      thread_safe (~> 0.1)
      tzinfo (~> 1.1)
    addressable (2.3.6)
    appraisal (1.0.0)
      bundler
      rake
      thor (>= 0.14.0)
    blankslate (2.1.2.4)
    bson (1.10.2)
    bson_ext (1.10.2)
      bson (~> 1.10.2)
    celluloid (0.15.2)
      timers (~> 1.1.0)
    classifier (1.3.4)
      fast-stemmer (>= 1.0.0)
    coffee-script (2.2.0)
      coffee-script-source
      execjs
    coffee-script-source (1.7.0)
    colorator (0.1)
    crack (0.4.2)
      safe_yaml (~> 1.0.0)
    execjs (2.2.0)
    fast-stemmer (1.0.2)
    ffi (1.9.3)
    garb (0.9.1)
      activesupport (>= 2.2.0)
      crack (>= 0.1.6)
    i18n (0.6.9)
    integration (0.1.0)
    jekyll (2.0.3)
      classifier (~> 1.3)
      colorator (~> 0.1)
      jekyll-coffeescript (~> 1.0)
      jekyll-sass-converter (~> 1.0)
      kramdown (~> 1.3)
      liquid (~> 2.5.5)
      listen (~> 2.5)
      mercenary (~> 0.3.3)
      pygments.rb (~> 0.5.0)
      redcarpet (~> 3.1)
      safe_yaml (~> 1.0)
      toml (~> 0.1.0)
    jekyll-coffeescript (1.0.0)
      coffee-script (~> 2.2)
    jekyll-sass-converter (1.0.0)
      sass (~> 3.2)
    json (1.8.1)
    kramdown (1.4.0)
    liquid (2.5.5)
    listen (2.7.8)
      celluloid (>= 0.15.2)
      rb-fsevent (>= 0.9.3)
      rb-inotify (>= 0.9)
    mercenary (0.3.3)
    minitest (5.3.5)
    mongo (1.10.2)
      bson (= 1.10.2)
    parslet (1.5.0)
      blankslate (~> 2.0)
    posix-spawn (0.3.8)
    pygments.rb (0.5.4)
      posix-spawn (~> 0.3.6)
      yajl-ruby (~> 1.1.0)
    rack (1.5.2)
    rake (10.3.2)
    rb-fsevent (0.9.4)
    rb-inotify (0.9.5)
      ffi (>= 0.5.0)
    redcarpet (3.1.2)
    redis (3.0.7)
    redis-namespace (1.4.1)
      redis (~> 3.0.4)
    rubystats (0.2.3)
    safe_yaml (1.0.3)
    sass (3.3.8)
    sqlite3 (1.3.9)
    thor (0.19.1)
    thread_safe (0.3.4)
    timecop (0.7.1)
    timers (1.1.0)
    toml (0.1.1)
      parslet (~> 1.5.0)
    tzinfo (1.2.1)
      thread_safe (~> 0.1)
    webmock (1.18.0)
      addressable (>= 2.3.6)
      crack (>= 0.3.2)
    yajl-ruby (1.1.0)
    yard (0.8.7.4)

PLATFORMS
  ruby

DEPENDENCIES
  RedCloth
  appraisal (>= 1.0.0)
  bson_ext
  bundler (>= 1.0.0)
  garb (<= 0.9.1)
  integration
  jekyll
  minitest (>= 4.2)
  mongo
  rack
  rake
  redis (>= 2.1)
  redis-namespace (>= 1.1.0)
  rubystats
  sqlite3
  timecop
  vanity!
  webmock
  yard
